GEM
  remote: http://rubygems.org/
  specs:
    aruba (0.3.6)
      childprocess (>= 0.1.7)
      cucumber (>= 0.10.0)
      rspec (>= 2.5.0)
    builder (3.0.0)
    capybara (0.4.1.2)
      celerity (>= 0.7.9)
      culerity (>= 0.2.4)
      mime-types (>= 1.16)
      nokogiri (~> 1.7.1)
      rack (~> 1.6.1)
      rack-test (>= 0.5.4)
      selenium-webdriver (>= 0.0.27)
      xpath (~> 0.1.3)
    capybara-webkit (0.3.0)
      capybara (~> 0.4.1)
    celerity (0.8.9)
    childprocess (0.1.9)
      ffi (~> 1.9.24)
    chunky_png (1.2.0)
    colored (1.2)
    cucumber (0.10.2)
      builder (>= 2.1.2)
      diff-lcs (>= 1.1.2)
      gherkin (>= 2.3.5)
      json (~> 1.5.5)
      term-ansicolor (>= 1.0.5)
    culerity (0.2.15)
    diff-lcs (1.1.2)
    ffi (~> 1.9.24)
    gherkin (2.3.7)
      json (~> 1.5.5)
    json (~> 1.5.5)
    json_pure (1.5.1)
    mime-types (1.16)
    nokogiri (~> 1.7.1)
    rack (~> 1.6.1)
    rack-test (0.6.0)
      rack (~> 1.6.11)
    rspec (2.6.0)
      rspec-core (~> 2.6.0)
      rspec-expectations (~> 2.6.0)
      rspec-mocks (~> 2.6.0)
    rspec-core (2.6.0)
    rspec-expectations (2.6.0)
      diff-lcs (~> 1.1.2)
    rspec-mocks (2.6.0)
    rubyzip (0.9.4)
    selenium-webdriver (0.2.0)
      childprocess (>= 0.1.7)
      ffi (~> 1.9.24)
      json_pure
      rubyzip
    term-ansicolor (1.0.5)
    xpath (0.1.4)
      nokogiri (~> 1.7.1)

PLATFORMS
  ruby

DEPENDENCIES
  aruba (= 0.3.6)
  capybara (= 0.4.1.2)
  capybara-webkit (= 0.3.0)
  chunky_png
  colored
  cucumber (= 0.10.2)
  rspec (= 2.6.0)
